PATH
  remote: .
  specs:
    radar (0.0.0)

GEM
  remote: http://rubygems.org/
  specs:
    mocha (0.9.8)
      rake
    rake (0.8.7)
    shoulda (2.11.3)

PLATFORMS
  ruby

DEPENDENCIES
  bundler (>= 1.0.0.rc.5)
  mocha
  radar!
  rake
  shoulda
